GEM
  remote: https://rubygems.org/
  specs:
    actioncable (5.0.7.2)
      actionpack (= 5.0.7.2)
      nio4r (>= 1.2, < 3.0)
      websocket-driver (~> 0.6.1)
    actionmailer (5.0.7.2)
      actionpack (= 5.0.7.2)
      actionview (= 5.0.7.2)
      activejob (= 5.0.7.2)
      mail (~> 2.5, >= 2.5.4)
      rails-dom-testing (~> 2.0)
    actionpack (5.0.7.2)
      actionview (= 5.0.7.2)
      activesupport (= 5.0.7.2)
      rack (~> 2.0)
      rack-test (~> 0.6.3)
      rails-dom-testing (~> 2.0)
      rails-html-sanitizer (~> 1.0, >= 1.0.2)
    actionview (5.0.7.2)
      activesupport (= 5.0.7.2)
      builder (~> 3.1)
      erubis (~> 2.7.0)
      rails-dom-testing (~> 2.0)
      rails-html-sanitizer (~> 1.0, >= 1.0.3)
    activejob (5.0.7.2)
      activesupport (= 5.0.7.2)
      globalid (>= 0.3.6)
    activemodel (5.0.7.2)
      activesupport (= 5.0.7.2)
    activerecord (5.0.7.2)
      activemodel (= 5.0.7.2)
      activesupport (= 5.0.7.2)
      arel (~> 7.0)
    activesupport (5.0.7.2)
      concurrent-ruby (~> 1.0, >= 1.0.2)
      i18n (>= 0.7, < 2)
      minitest (~> 5.1)
      tzinfo (~> 1.1)
    arel (7.1.4)
    builder (3.2.4)
    byebug (9.0.6)
    concurrent-ruby (1.1.10)
    crass (1.0.6)
    date (3.3.1)
    dotenv (2.1.2)
    dotenv-rails (2.1.2)
      dotenv (= 2.1.2)
      railties (>= 3.2, < 5.1)
    erubis (2.7.0)
    ffi (1.13.1)
    globalid (1.0.1)
      activesupport (>= 5.0)
    i18n (1.12.0)
      concurrent-ruby (~> 1.0)
    listen (3.0.8)
      rb-fsevent (~> 0.9, >= 0.9.4)
      rb-inotify (~> 0.9, >= 0.9.7)
    lograge (0.4.1)
      actionpack (>= 4, < 5.1)
      activesupport (>= 4, < 5.1)
      railties (>= 4, < 5.1)
    logstash-event (1.2.02)
    logstash-logger (0.22.1)
      logstash-event (~> 1.2)
    loofah (2.19.1)
      crass (~> 1.0.2)
      nokogiri (>= 1.5.9)
    mail (2.8.0)
      mini_mime (>= 0.1.1)
      net-imap
      net-pop
      net-smtp
    method_source (1.0.0)
    mini_mime (1.1.2)
    mini_portile2 (2.8.0)
    minitest (5.17.0)
    net-imap (0.3.2)
      date
      net-protocol
    net-pop (0.1.2)
      net-protocol
    net-protocol (0.2.1)
      timeout
    net-smtp (0.3.3)
      net-protocol
    nio4r (2.5.8)
    nokogiri (1.13.10)
      mini_portile2 (~> 2.8.0)
      racc (~> 1.4)
    pg (0.19.0)
    puma (6.0.0)
      nio4r (~> 2.0)
    racc (1.6.1)
    rack (2.2.6.3)
    rack-test (0.6.3)
      rack (>= 1.0)
    rails (5.0.7.2)
      actioncable (= 5.0.7.2)
      actionmailer (= 5.0.7.2)
      actionpack (= 5.0.7.2)
      actionview (= 5.0.7.2)
      activejob (= 5.0.7.2)
      activemodel (= 5.0.7.2)
      activerecord (= 5.0.7.2)
      activesupport (= 5.0.7.2)
      bundler (>= 1.3.0)
      railties (= 5.0.7.2)
      sprockets-rails (>= 2.0.0)
    rails-dom-testing (2.0.3)
      activesupport (>= 4.2.0)
      nokogiri (>= 1.6)
    rails-html-sanitizer (1.4.4)
      loofah (~> 2.19, >= 2.19.1)
    railties (5.0.7.2)
      actionpack (= 5.0.7.2)
      activesupport (= 5.0.7.2)
      method_source
      rake (>= 0.8.7)
      thor (>= 0.18.1, < 2.0)
    rake (13.0.6)
    rb-fsevent (0.9.8)
    rb-inotify (0.9.7)
      ffi (>= 0.5.0)
    spring (2.0.1)
      activesupport (>= 4.2)
    spring-watcher-listen (2.0.1)
      listen (>= 2.7, < 4.0)
      spring (>= 1.2, < 3.0)
    sprockets (4.1.1)
      concurrent-ruby (~> 1.0)
      rack (> 1, < 3)
    sprockets-rails (3.2.2)
      actionpack (>= 4.0)
      activesupport (>= 4.0)
      sprockets (>= 3.0.0)
    thor (1.2.1)
    thread_safe (0.3.6)
    timeout (0.3.1)
    tzinfo (1.2.10)
      thread_safe (~> 0.1)
    websocket-driver (0.6.5)
      websocket-extensions (>= 0.1.0)
    websocket-extensions (0.1.5)

PLATFORMS
  ruby

DEPENDENCIES
  byebug
  dotenv-rails
  listen (~> 3.0.5)
  lograge
  logstash-event
  logstash-logger
  pg (~> 0.18)
  puma (~> 6.0)
  rails (~> 5.0.7)
  spring
  spring-watcher-listen (~> 2.0.0)
  tzinfo-data

BUNDLED WITH
   1.14.3
